GEM
  remote: https://rubygems.org/
  specs:
    stripe (7.1.0)

PLATFORMS
  ruby

DEPENDENCIES
  stripe (~> 7.1)

BUNDLED WITH
   2.3.7
